GEM
  remote: http://rubygems.org/
  specs:
    bond (0.4.3)
    columnize (0.3.6)
    debugger (1.6.2)
      columnize (>= 0.3.1)
      debugger-linecache (~> 1.2.0)
      debugger-ruby_core_source (~> 1.2.3)
    debugger-completion (1.0.0)
      bond (>= 0.4.2)
      debugger (~> 1.1)
    debugger-linecache (1.2.0)
    debugger-ruby_core_source (1.2.3)
    gem-man (0.3.0)
    linecache (0.46)
      rbx-require-relative (> 0.0.4)
    rake (10.1.0)
    rbx-require-relative (0.0.9)
    redcarpet (3.0.0)
    ruby-debug (0.10.4)
      columnize (>= 0.1)
      ruby-debug-base (~> 0.10.4.0)
    ruby-debug-base (0.10.4)
      linecache (>= 0.3)
    rubyvis (0.6.0)
    wirble (0.1.3)

PLATFORMS
  ruby

DEPENDENCIES
  bundler
  debugger
  debugger-completion
  gem-man
  rake
  redcarpet
  ruby-debug
  rubyvis
  wirble
