GEM
  remote: https://rubygems.org/
  specs:
    activesupport (3.2.17)
      i18n (~> 0.6, >= 0.6.4)
      multi_json (~> 1.0)
    bond (0.5.1)
    claide (0.5.0)
    cocoapods (0.31.1)
      activesupport (>= 3.2.15, < 4)
      claide (~> 0.5.0)
      cocoapods-core (= 0.31.1)
      cocoapods-downloader (~> 0.4.1)
      cocoapods-try (~> 0.2.0)
      colored (~> 1.2)
      escape (~> 0.0.4)
      json_pure (~> 1.8)
      nap (~> 0.5)
      open4 (~> 1.3)
      xcodeproj (~> 0.16.0)
    cocoapods-core (0.31.1)
      activesupport (>= 3.2.15, < 4)
      fuzzy_match (~> 2.0.4)
      json_pure (~> 1.8)
      nap (~> 0.5)
    cocoapods-downloader (0.4.1)
    cocoapods-try (0.2.0)
    colored (1.2)
    columnize (0.3.6)
    debugger (1.6.6)
      columnize (>= 0.3.1)
      debugger-linecache (~> 1.2.0)
      debugger-ruby_core_source (~> 1.3.2)
    debugger-completion (1.0.0)
      bond (>= 0.4.2)
      debugger (~> 1.1)
    debugger-linecache (1.2.0)
    debugger-ruby_core_source (1.3.2)
    escape (0.0.4)
    fuzzy_match (2.0.4)
    gem-man (0.3.0)
    i18n (0.6.9)
    json_pure (1.8.1)
    linecache (0.46)
      rbx-require-relative (> 0.0.4)
    multi_json (1.9.2)
    nap (0.7.0)
    open4 (1.3.3)
    rake (10.2.2)
    rbx-require-relative (0.0.9)
    redcarpet (3.1.1)
    ruby-debug (0.10.4)
      columnize (>= 0.1)
      ruby-debug-base (~> 0.10.4.0)
    ruby-debug-base (0.10.4)
      linecache (>= 0.3)
    rubyvis (0.6.0)
    wirble (0.1.3)
    xcodeproj (0.16.0)
      activesupport (~> 3.0)
      colored (~> 1.2)

PLATFORMS
  ruby

DEPENDENCIES
  bundler
  cocoapods
  debugger
  debugger-completion
  gem-man
  rake
  redcarpet
  ruby-debug
  rubyvis
  wirble
