GEM
  remote: https://rubygems.org/
  specs:
    ast (2.4.0)
    byebug (11.0.0)
    coderay (1.1.2)
    jaro_winkler (1.5.2)
    method_source (0.9.2)
    mry (0.59.0.0)
      rubocop (>= 0.41.0)
    msgpack (1.2.7)
    multi_json (1.13.1)
    neovim (0.8.0)
      msgpack (~> 1.1)
      multi_json (~> 1.0)
    parallel (1.14.0)
    parser (2.6.0.0)
      ast (~> 2.4.0)
    powerpack (0.1.2)
    pry (0.12.2)
      coderay (~> 1.1.0)
      method_source (~> 0.9.0)
    pry-byebug (3.7.0)
      byebug (~> 11.0)
      pry (~> 0.10)
    psych (3.1.0)
    rainbow (3.0.0)
    rake (12.3.2)
    rubocop (0.65.0)
      jaro_winkler (~> 1.5.1)
      parallel (~> 1.10)
      parser (>= 2.5, != 2.5.1.1)
      powerpack (~> 0.1)
      psych (>= 3.1.0)
      rainbow (>= 2.2.2, < 4.0)
      ruby-progressbar (~> 1.7)
      unicode-display_width (~> 1.4.0)
    ruby-progressbar (1.10.0)
    unicode-display_width (1.4.1)

PLATFORMS
  ruby

DEPENDENCIES
  mry
  neovim
  pry
  pry-byebug
  rake
  rubocop

BUNDLED WITH
   1.17.2
