GEM
  remote: https://rubygems.org/
  specs:
    ast (2.3.0)
    parallel (1.12.0)
    parser (2.4.0.0)
      ast (~> 2.2)
    powerpack (0.1.1)
    rainbow (2.2.2)
      rake
    rake (12.1.0)
    redcarpet (3.4.0)
    rubocop (0.50.0)
      parallel (~> 1.10)
      parser (>= 2.3.3.1, < 3.0)
      powerpack (~> 0.1)
      rainbow (>= 2.2.2, < 3.0)
      ruby-progressbar (~> 1.7)
      unicode-display_width (~> 1.0, >= 1.0.1)
    ruby-progressbar (1.9.0)
    unicode-display_width (1.3.0)
    wirble (0.1.3)

PLATFORMS
  ruby

DEPENDENCIES
  rake
  redcarpet
  rubocop
  wirble

BUNDLED WITH
   1.15.4
