GEM
  remote: https://rubygems.org/
  specs:
    ast (2.4.0)
    byebug (11.1.2)
    coderay (1.1.2)
    jaro_winkler (1.5.4)
    method_source (1.0.0)
    mry (0.78.0.0)
      rubocop (>= 0.41.0)
    msgpack (1.3.3)
    multi_json (1.14.1)
    neovim (0.8.1)
      msgpack (~> 1.1)
      multi_json (~> 1.0)
    parallel (1.19.1)
    parser (2.7.1.1)
      ast (~> 2.4.0)
    pry (0.13.1)
      coderay (~> 1.1)
      method_source (~> 1.0)
    pry-byebug (3.9.0)
      byebug (~> 11.0)
      pry (~> 0.13.0)
    rainbow (3.0.0)
    rake (13.0.1)
    rexml (3.2.4)
    rubocop (0.82.0)
      jaro_winkler (~> 1.5.1)
      parallel (~> 1.10)
      parser (>= 2.7.0.1)
      rainbow (>= 2.2.2, < 4.0)
      rexml
      ruby-progressbar (~> 1.7)
      unicode-display_width (>= 1.4.0, < 2.0)
    ruby-progressbar (1.10.1)
    unicode-display_width (1.7.0)

PLATFORMS
  ruby

DEPENDENCIES
  mry
  neovim
  pry
  pry-byebug
  rake
  rubocop

BUNDLED WITH
   1.17.2
